GEM
  remote: https://rubygems.org/
  specs:

PLATFORMS
  x64-mingw32

DEPENDENCIES

RUBY VERSION
   ruby 2.6.6p146

BUNDLED WITH
   2.1.4
